GEM
  remote: https://rubygems.org/
  specs:
    icalendar (2.4.1)
    mini_portile2 (2.1.0)
    nokogiri (1.6.8.1)
      mini_portile2 (~> 2.1.0)

PLATFORMS
  ruby

DEPENDENCIES
  icalendar
  nokogiri

BUNDLED WITH
   1.11.2
